PATH
  remote: .
  specs:
    market_bot (0.11.0)
      nokogiri
      typhoeus (= 0.4.2)

GEM
  remote: https://rubygems.org/
  specs:
    diff-lcs (1.1.3)
    ffi (1.9.3)
    mime-types (1.25.1)
    mini_portile (0.5.2)
    nokogiri (1.6.0)
      mini_portile (~> 0.5.0)
    rspec (2.8.0)
      rspec-core (~> 2.8.0)
      rspec-expectations (~> 2.8.0)
      rspec-mocks (~> 2.8.0)
    rspec-core (2.8.0)
    rspec-expectations (2.8.0)
      diff-lcs (~> 1.1.2)
    rspec-mocks (2.8.0)
    typhoeus (0.4.2)
      ffi (~> 1.0)
      mime-types (~> 1.18)

PLATFORMS
  ruby

DEPENDENCIES
  market_bot!
  rspec (= 2.8.0)
